GIT
  remote: git://github.com/ahacking/to_json.git
  revision: 6fe8a17f9652da0d29c2ef8637630f7c34977e00
  specs:
    to_json (0.0.4)
      oj (>= 2.9.4)

PATH
  remote: ..
  specs:
    pump (0.6.6)
      activesupport (>= 3.2)
      oj (>= 2.0)

GEM
  remote: https://rubygems.org/
  specs:
    activemodel (4.2.6)
      activesupport (= 4.2.6)
      builder (~> 3.1)
    activesupport (4.2.6)
      i18n (~> 0.7)
      json (~> 1.7, >= 1.7.7)
      minitest (~> 5.1)
      thread_safe (~> 0.3, >= 0.3.4)
      tzinfo (~> 1.1)
    builder (3.2.2)
    i18n (0.7.0)
    json (1.8.3)
    minitest (5.8.4)
    oj (2.15.0)
    ox (2.4.0)
    thread_safe (0.3.5)
    tzinfo (1.2.2)
      thread_safe (~> 0.1)
    yajl-ruby (1.2.1)

PLATFORMS
  ruby

DEPENDENCIES
  activemodel
  oj
  ox
  pump!
  to_json!
  yajl-ruby
