GIT
  remote: https://github.com/ahacking/to_json.git
  revision: 6fe8a17f9652da0d29c2ef8637630f7c34977e00
  specs:
    to_json (0.0.4)
      oj (>= 2.9.4)

PATH
  remote: ..
  specs:
    pump (0.11.0)
      activesupport (>= 4.0)
      oj (>= 3.0)

GEM
  remote: https://rubygems.org/
  specs:
    activemodel (5.2.4.3)
      activesupport (= 5.2.4.3)
    activemodel-serializers-xml (1.0.2)
      activemodel (> 5.x)
      activesupport (> 5.x)
      builder (~> 3.1)
    activesupport (5.2.4.3)
      concurrent-ruby (~> 1.0, >= 1.0.2)
      i18n (>= 0.7, < 2)
      minitest (~> 5.1)
      tzinfo (~> 1.1)
    builder (3.2.4)
    concurrent-ruby (1.1.6)
    i18n (1.8.3)
      concurrent-ruby (~> 1.0)
    minitest (5.14.1)
    oj (3.10.6)
    ox (2.8.4)
    thread_safe (0.3.6)
    tzinfo (1.2.7)
      thread_safe (~> 0.1)
    yajl-ruby (1.3.1)

PLATFORMS
  ruby

DEPENDENCIES
  activemodel (~> 5.2.4.3)
  activemodel-serializers-xml
  oj
  ox (~> 2.8.1)
  pump!
  to_json!
  yajl-ruby (~> 1.3.1)

BUNDLED WITH
   1.17.2
