GIT
  remote: https://github.com/ahacking/to_json.git
  revision: 6fe8a17f9652da0d29c2ef8637630f7c34977e00
  specs:
    to_json (0.0.4)
      oj (>= 2.9.4)

PATH
  remote: ..
  specs:
    pump (0.11.0)
      activesupport (>= 4.0)
      oj (>= 3.0)

GEM
  remote: https://rubygems.org/
  specs:
    activemodel (7.0.4.1)
      activesupport (= 7.0.4.1)
    activemodel-serializers-xml (1.0.2)
      activemodel (> 5.x)
      activesupport (> 5.x)
      builder (~> 3.1)
    activerecord (7.0.4.1)
      activemodel (= 7.0.4.1)
      activesupport (= 7.0.4.1)
    activesupport (7.0.4.1)
      concurrent-ruby (~> 1.0, >= 1.0.2)
      i18n (>= 1.6, < 2)
      minitest (>= 5.1)
      tzinfo (~> 2.0)
    benchmark-memory (0.2.0)
      memory_profiler (~> 1)
    builder (3.2.4)
    concurrent-ruby (1.1.10)
    fast_jsonapi (1.5)
      activesupport (>= 4.2)
    i18n (1.12.0)
      concurrent-ruby (~> 1.0)
    memory_profiler (1.0.1)
    minitest (5.17.0)
    oj (3.13.23)
    ox (2.14.13)
    panko_serializer (0.7.9)
      activesupport
      oj (> 3.11.0, < 4.0.0)
    tzinfo (2.0.5)
      concurrent-ruby (~> 1.0)
    yajl-ruby (1.4.3)

PLATFORMS
  ruby

DEPENDENCIES
  activemodel
  activemodel-serializers-xml
  activerecord
  benchmark-memory
  fast_jsonapi
  oj
  ox
  panko_serializer
  pump!
  to_json!
  yajl-ruby

BUNDLED WITH
   2.4.4
