GIT
  remote: https://github.com/ahacking/to_json.git
  revision: 6fe8a17f9652da0d29c2ef8637630f7c34977e00
  specs:
    to_json (0.0.4)
      oj (>= 2.9.4)

PATH
  remote: ..
  specs:
    pump (0.6.6)
      activesupport (>= 4.0)
      oj (>= 3.0)

GEM
  remote: https://rubygems.org/
  specs:
    activemodel (5.1.2)
      activesupport (= 5.1.2)
    activemodel-serializers-xml (1.0.1)
      activemodel (> 5.x)
      activerecord (> 5.x)
      activesupport (> 5.x)
      builder (~> 3.1)
    activerecord (5.1.2)
      activemodel (= 5.1.2)
      activesupport (= 5.1.2)
      arel (~> 8.0)
    activesupport (5.1.2)
      concurrent-ruby (~> 1.0, >= 1.0.2)
      i18n (~> 0.7)
      minitest (~> 5.1)
      tzinfo (~> 1.1)
    arel (8.0.0)
    builder (3.2.3)
    concurrent-ruby (1.0.5)
    i18n (0.8.4)
    minitest (5.10.2)
    oj (3.2.0)
    ox (2.5.0)
    thread_safe (0.3.6)
    tzinfo (1.2.3)
      thread_safe (~> 0.1)
    yajl-ruby (1.3.0)

PLATFORMS
  ruby

DEPENDENCIES
  activemodel
  activemodel-serializers-xml
  oj
  ox
  pump!
  to_json!
  yajl-ruby

BUNDLED WITH
   1.15.1
