GIT
  remote: https://github.com/ahacking/to_json.git
  revision: 6fe8a17f9652da0d29c2ef8637630f7c34977e00
  specs:
    to_json (0.0.4)
      oj (>= 2.9.4)

PATH
  remote: ..
  specs:
    pump (0.11.0)
      activesupport (>= 4.0)
      oj (>= 3.0)

GEM
  remote: https://rubygems.org/
  specs:
    activemodel (6.0.3.2)
      activesupport (= 6.0.3.2)
    activemodel-serializers-xml (1.0.2)
      activemodel (> 5.x)
      activesupport (> 5.x)
      builder (~> 3.1)
    activesupport (6.0.3.2)
      concurrent-ruby (~> 1.0, >= 1.0.2)
      i18n (>= 0.7, < 2)
      minitest (~> 5.1)
      tzinfo (~> 1.1)
      zeitwerk (~> 2.2, >= 2.2.2)
    builder (3.2.4)
    concurrent-ruby (1.1.6)
    fast_jsonapi (1.5)
      activesupport (>= 4.2)
    i18n (1.8.5)
      concurrent-ruby (~> 1.0)
    minitest (5.14.1)
    oj (3.10.8)
    ox (2.13.2)
    thread_safe (0.3.6)
    tzinfo (1.2.7)
      thread_safe (~> 0.1)
    yajl-ruby (1.4.3)
    zeitwerk (2.4.0)

PLATFORMS
  ruby

DEPENDENCIES
  activemodel
  activemodel-serializers-xml
  fast_jsonapi
  oj
  ox
  pump!
  to_json!
  yajl-ruby

BUNDLED WITH
   1.17.2
